PATH
  remote: .
  specs:
    em-postgres (0.0.1)
      eventmachine (>= 0.12)
      pg (>= 0.14)

GEM
  remote: http://rubygems.org/
  specs:
    ansi (1.4.3)
    builder (3.1.4)
    columnize (0.3.6)
    debugger (1.2.2)
      columnize (>= 0.3.1)
      debugger-linecache (~> 1.1.1)
      debugger-ruby_core_source (~> 1.1.5)
    debugger-linecache (1.1.2)
      debugger-ruby_core_source (>= 1.1.1)
    debugger-ruby_core_source (1.1.5)
    eventmachine (1.0.0)
    hashie (1.2.0)
    minitest (4.1.0)
    minitest-reporters (0.12.0)
      ansi
      builder
      minitest (>= 2.12, < 5.0)
      powerbar
    pg (0.14.1)
    powerbar (1.0.11)
      ansi (~> 1.4.0)
      hashie (>= 1.1.0)

PLATFORMS
  ruby

DEPENDENCIES
  debugger
  em-postgres!
  minitest
  minitest-reporters
